{
	"Modality": "MR",
	"MagneticFieldStrength": 3,
	"ImagingFrequency": 123.255,
	"Manufacturer": "Siemens",
	"ManufacturersModelName": "Prisma_fit",
	"InstitutionName": "NeuroSpin",
	"InstitutionalDepartmentName": "Department",
	"InstitutionAddress": "Street_N306_SACLAY_IdF_FR_91400",
	"DeviceSerialNumber": "67069",
	"StationName": "MRCTRIO",
	"BodyPartExamined": "BRAIN",
	"PatientPosition": "HFS",
	"ProcedureStepDescription": "Protocoles_BJ!",
	"SoftwareVersions": "syngo_MR_E11",
	"MRAcquisitionType": "2D",
	"SeriesDescription": "se_mb3_2mm_AP",
	"ProtocolName": "se_mb3_2mm_AP",
	"ScanningSequence": "EP",
	"SequenceVariant": "SK",
	"ScanOptions": "PFP_FS",
	"SequenceName": "epse2d1_96",
	"ImageType": ["ORIGINAL", "PRIMARY", "M", "MB", "ND", "MOSAIC"],
	"SeriesNumber": 5,
	"AcquisitionTime": "10:24:19.020000",
	"AcquisitionNumber": 1,
	"ImageComments": "Unaliased_MB3_PE3_LB_SENSE1",
	"SliceThickness": 2,
	"SpacingBetweenSlices": 2,
	"SAR": 0.292674,
	"EchoTime": 0.056,
	"RepetitionTime": 2.4,
	"FlipAngle": 73,
	"PartialFourier": 0.875,
	"BaseResolution": 96,
	"ShimSetting": [
		-641,
		2314,
		-769,
		1193,
		100,
		-266,
		-130,
		19	],
	"TxRefAmp": 201.464,
	"PhaseResolution": 1,
	"ReceiveCoilName": "HeadNeck_64",
	"ReceiveCoilActiveElements": "HC3-7;NC1",
	"PulseSequenceDetails": "%CustomerSeq%_cmrr_mbep2d_se",
	"WipMemBlock": "f8d4b1c7-7219-4c3e-8d1f-570f1e79e85e||Sequence: R016 ve11c/master r/34fb20f; Nov 20 2017 15:30:40 by eja",
	"ConsistencyInfo": "N4_VE11C_LATEST_20160120",
	"MultibandAccelerationFactor": 3,
	"PercentPhaseFOV": 100,
	"EchoTrainLength": 84,
	"PhaseEncodingSteps": 84,
	"AcquisitionMatrixPE": 96,
	"ReconMatrixPE": 96,
	"BandwidthPerPixelPhaseEncode": 15.319,
	"EffectiveEchoSpacing": 0.000679983,
	"DerivedVendorReportedEchoSpacing": 0.000679983,
	"TotalReadoutTime": 0.0645984,
	"PixelBandwidth": 1735,
	"DwellTime": 3e-06,
	"PhaseEncodingDirection": "j-",
	"SliceTiming": [
		0,
		1.2425,
		0.105,
		1.345,
		0.2075,
		1.45,
		0.31,
		1.5525,
		0.415,
		1.655,
		0.5175,
		1.76,
		0.62,
		1.8625,
		0.725,
		1.9675,
		0.8275,
		2.07,
		0.9325,
		2.1725,
		1.035,
		2.2775,
		1.1375,
		0,
		1.2425,
		0.105,
		1.345,
		0.2075,
		1.45,
		0.31,
		1.5525,
		0.415,
		1.655,
		0.5175,
		1.76,
		0.62,
		1.8625,
		0.725,
		1.9675,
		0.8275,
		2.07,
		0.9325,
		2.1725,
		1.035,
		2.2775,
		1.1375,
		0,
		1.2425,
		0.105,
		1.345,
		0.2075,
		1.45,
		0.31,
		1.5525,
		0.415,
		1.655,
		0.5175,
		1.76,
		0.62,
		1.8625,
		0.725,
		1.9675,
		0.8275,
		2.07,
		0.9325,
		2.1725,
		1.035,
		2.2775,
		1.1375	],
	"ImageOrientationPatientDICOM": [
		1,
		0,
		0,
		0,
		0.99824,
		-0.0593064	],
	"InPlanePhaseEncodingDirectionDICOM": "COL",
	"ConversionSoftware": "dcm2niix",
	"ConversionSoftwareVersion": "v1.0.20190902"
}
