{
	"Modality": "MR",
	"MagneticFieldStrength": 3,
	"ImagingFrequency": 123.254,
	"Manufacturer": "Siemens",
	"ManufacturersModelName": "Prisma_fit",
	"InstitutionName": "NeuroSpin",
	"InstitutionalDepartmentName": "Department",
	"InstitutionAddress": "Street_N306_SACLAY_IdF_FR_91400",
	"DeviceSerialNumber": "67069",
	"StationName": "MRCTRIO",
	"BodyPartExamined": "BRAIN",
	"PatientPosition": "HFS",
	"ProcedureStepDescription": "Protocoles_BJA",
	"SoftwareVersions": "syngo_MR_E11",
	"MRAcquisitionType": "2D",
	"SeriesDescription": "epi2mm_MB3_TE30.4_TR1.81_Gnormal_Localizer",
	"ProtocolName": "epi2mm_MB3_TE30.4_TR1.81_Gnormal_Localizer",
	"ScanningSequence": "EP",
	"SequenceVariant": "SK_SP",
	"ScanOptions": "PFP_FS_EXT",
	"SequenceName": "epfid2d1_96",
	"ImageType": ["ORIGINAL", "PRIMARY", "M", "MB", "ND", "MOSAIC"],
	"SeriesNumber": 21,
	"AcquisitionTime": "16:38:4.205000",
	"AcquisitionNumber": 1,
	"ImageComments": "Unaliased_MB3_PE3_LB_SENSE1",
	"SliceThickness": 2,
	"SpacingBetweenSlices": 2,
	"SAR": 0.11936,
	"EchoTime": 0.0304,
	"RepetitionTime": 1.81,
	"FlipAngle": 71,
	"PartialFourier": 0.875,
	"BaseResolution": 96,
	"ShimSetting": [
		-641,
		2379,
		-664,
		745,
		-10,
		-9,
		-13,
		-6	],
	"TxRefAmp": 241.057,
	"PhaseResolution": 1,
	"ReceiveCoilName": "HeadNeck_64",
	"ReceiveCoilActiveElements": "HC1-7",
	"PulseSequenceDetails": "%CustomerSeq%_cmrr_mbep2d_bold",
	"WipMemBlock": "117916ff-d693-42ac-bcdf-fa61d6aabb75||Sequence: R016 ve11c/master r/34fb20f; Nov 20 2017 15:15:15 by eja",
	"ConsistencyInfo": "N4_VE11C_LATEST_20160120",
	"MultibandAccelerationFactor": 3,
	"PercentPhaseFOV": 100,
	"EchoTrainLength": 84,
	"PhaseEncodingSteps": 84,
	"AcquisitionMatrixPE": 96,
	"ReconMatrixPE": 96,
	"BandwidthPerPixelPhaseEncode": 15.319,
	"EffectiveEchoSpacing": 0.000679983,
	"DerivedVendorReportedEchoSpacing": 0.000679983,
	"TotalReadoutTime": 0.0645984,
	"PixelBandwidth": 1735,
	"DwellTime": 3e-06,
	"PhaseEncodingDirection": "j",
	"SliceTiming": [
		0,
		0.9325,
		0.0775,
		1.01,
		0.155,
		1.09,
		0.2325,
		1.1675,
		0.31,
		1.245,
		0.3875,
		1.3225,
		0.465,
		1.4,
		0.545,
		1.4775,
		0.6225,
		1.555,
		0.7,
		1.6325,
		0.7775,
		1.7125,
		0.855,
		0,
		0.9325,
		0.0775,
		1.01,
		0.155,
		1.09,
		0.2325,
		1.1675,
		0.31,
		1.245,
		0.3875,
		1.3225,
		0.465,
		1.4,
		0.545,
		1.4775,
		0.6225,
		1.555,
		0.7,
		1.6325,
		0.7775,
		1.7125,
		0.855,
		0,
		0.9325,
		0.0775,
		1.01,
		0.155,
		1.09,
		0.2325,
		1.1675,
		0.31,
		1.245,
		0.3875,
		1.3225,
		0.465,
		1.4,
		0.545,
		1.4775,
		0.6225,
		1.555,
		0.7,
		1.6325,
		0.7775,
		1.7125,
		0.855	],
	"ImageOrientationPatientDICOM": [
		1,
		0,
		0,
		0,
		0.985109,
		-0.171929	],
	"InPlanePhaseEncodingDirectionDICOM": "COL",
	"ConversionSoftware": "dcm2niix",
	"ConversionSoftwareVersion": "v1.0.20190902", "TaskName": "category"
}
