{"Modality": "MR", "MagneticFieldStrength": 3, "ImagingFrequency": 123.255, "Manufacturer": "Siemens", "ManufacturersModelName": "Prisma_fit", "InstitutionName": "NeuroSpin", "InstitutionalDepartmentName": "Department", "InstitutionAddress": "Street N306,SACLAY,IdF,FR,91400", "DeviceSerialNumber": "67069", "StationName": "MRCTRIO", "BodyPartExamined": "BRAIN", "PatientPosition": "HFS", "ProcedureStepDescription": "Protocoles^BJ!", "SoftwareVersions": "syngo MR E11", "MRAcquisitionType": "2D", "SeriesDescription": "epi2mm_MB3_TE30.4_TR1.81_Gnormal_GeometryTask_SBRef", "ProtocolName": "epi2mm_MB3_TE30.4_TR1.81_Gnormal_GeometryTask", "ScanningSequence": "EP", "SequenceVariant": "SK\\SP", "ScanOptions": "PFP\\FS\\EXT", "SequenceName": "epfid2d1_96", "ImageType": ["ORIGINAL", "PRIMARY", "M", "ND", "MOSAIC"], "SeriesNumber": 23, "AcquisitionTime": "15:21:23.460000", "AcquisitionNumber": 1, "ImageComments": "Single-band reference SENSE1", "SliceThickness": 2, "SpacingBetweenSlices": 2, "SAR": 0.237235, "EchoTime": 0.0304, "RepetitionTime": 1.81, "FlipAngle": 71, "PartialFourier": 0.875, "BaseResolution": 96, "ShimSetting": [-651, 2277, -748, 489, 110, -74, 58, -61], "TxRefAmp": 203.211, "PhaseResolution": 1, "ReceiveCoilName": "HeadNeck_64", "ReceiveCoilActiveElements": "HC1-7", "PulseSequenceDetails": "%CustomerSeq%\\cmrr_mbep2d_bold", "WipMemBlock": "3dcf5e8c-7d10-4f4a-8647-91ac1e311ca4||Sequence: R016 ve11c/master r/34fb20f; Nov 20 2017 15:15:15 by eja", "ConsistencyInfo": "N4_VE11C_LATEST_20160120", "PercentPhaseFOV": 100, "PercentSampling": 100, "EchoTrainLength": 84, "PhaseEncodingSteps": 84, "AcquisitionMatrixPE": 96, "ReconMatrixPE": 96, "BandwidthPerPixelPhaseEncode": 15.319, "EffectiveEchoSpacing": 0.000679983, "DerivedVendorReportedEchoSpacing": 0.000679983, "TotalReadoutTime": 0.0645984, "PixelBandwidth": 1735, "DwellTime": 3e-06, "PhaseEncodingDirection": "j-", "SliceTiming": [0, 0.0775, 0.155, 0.2325, 0.3125, 0.39, 0.4675, 0.545, 0.6225, 0.7, 0.7775, 0.855, 0.935, 1.0125, 1.09, 1.1675, 1.245, 1.3225, 1.4, 1.48, 1.5575, 1.635, 1.7125, 1.79, 1.8675, 1.945, 2.0225, 2.1025, 2.18, 2.2575, 2.335, 2.4125, 2.49, 2.5675, 2.645, 2.725, 2.8025, 2.88, 2.9575, 3.035, 3.1125, 3.19, 3.2675, 3.3475, 3.425, 3.5025, 3.58, 3.6575, 3.735, 3.8125, 3.89, 3.97, 4.0475, 4.125, 4.2025, 4.28, 4.3575, 4.435, 4.515, 4.5925, 4.67, 4.7475, 4.825, 4.9025, 4.98, 5.0575, 5.1375, 5.215, 5.2925], "ImageOrientationPatientDICOM": [1, 0, 0, 0, 0.99824, -0.0593064], "InPlanePhaseEncodingDirectionDICOM": "COL", "ConversionSoftware": "dcm2niix", "ConversionSoftwareVersion": "v1.0.20201102", "TaskName": "geometry"}