{"Modality": "MR", "MagneticFieldStrength": 3, "ImagingFrequency": 123.255, "Manufacturer": "Siemens", "ManufacturersModelName": "Prisma_fit", "InstitutionName": "NeuroSpin", "InstitutionalDepartmentName": "Department", "InstitutionAddress": "Street N306,SACLAY,IdF,FR,91400", "DeviceSerialNumber": "67069", "StationName": "MRCTRIO", "BodyPartExamined": "BRAIN", "PatientPosition": "HFS", "ProcedureStepDescription": "Protocoles^BJ!", "SoftwareVersions": "syngo MR E11", "MRAcquisitionType": "2D", "SeriesDescription": "epi2mm_MB3_TE30.4_TR1.81_Gnormal_Localizer", "ProtocolName": "epi2mm_MB3_TE30.4_TR1.81_Gnormal_Localizer", "ScanningSequence": "EP", "SequenceVariant": "SK\\SP", "ScanOptions": "PFP\\FS\\EXT", "SequenceName": "epfid2d1_96", "ImageType": ["ORIGINAL", "PRIMARY", "M", "MB", "ND", "MOSAIC"], "SeriesNumber": 17, "AcquisitionTime": "15:02:54.995000", "AcquisitionNumber": 1, "ImageComments": "Unaliased MB3/PE3/LB SENSE1", "SliceThickness": 2, "SpacingBetweenSlices": 2, "SAR": 0.235947, "EchoTime": 0.0304, "RepetitionTime": 1.81, "FlipAngle": 71, "PartialFourier": 0.875, "BaseResolution": 96, "ShimSetting": [-651, 2277, -748, 489, 110, -74, 58, -61], "TxRefAmp": 203.211, "PhaseResolution": 1, "ReceiveCoilName": "HeadNeck_64", "ReceiveCoilActiveElements": "HC1-7", "PulseSequenceDetails": "%CustomerSeq%\\cmrr_mbep2d_bold", "WipMemBlock": "33309e66-0d44-4be5-a061-8ce63ff7781a||Sequence: R016 ve11c/master r/34fb20f; Nov 20 2017 15:15:15 by eja", "ConsistencyInfo": "N4_VE11C_LATEST_20160120", "MultibandAccelerationFactor": 3, "PercentPhaseFOV": 100, "PercentSampling": 100, "EchoTrainLength": 84, "PhaseEncodingSteps": 84, "AcquisitionMatrixPE": 96, "ReconMatrixPE": 96, "BandwidthPerPixelPhaseEncode": 15.319, "EffectiveEchoSpacing": 0.000679983, "DerivedVendorReportedEchoSpacing": 0.000679983, "TotalReadoutTime": 0.0645984, "PixelBandwidth": 1735, "DwellTime": 3e-06, "PhaseEncodingDirection": "j-", "SliceTiming": [0, 0.9325, 0.0775, 1.01, 0.155, 1.09, 0.2325, 1.1675, 0.31, 1.245, 0.3875, 1.3225, 0.465, 1.4, 0.545, 1.4775, 0.6225, 1.555, 0.7, 1.6325, 0.7775, 1.7125, 0.855, 0, 0.9325, 0.0775, 1.01, 0.155, 1.09, 0.2325, 1.1675, 0.31, 1.245, 0.3875, 1.3225, 0.465, 1.4, 0.545, 1.4775, 0.6225, 1.555, 0.7, 1.6325, 0.7775, 1.7125, 0.855, 0, 0.9325, 0.0775, 1.01, 0.155, 1.09, 0.2325, 1.1675, 0.31, 1.245, 0.3875, 1.3225, 0.465, 1.4, 0.545, 1.4775, 0.6225, 1.555, 0.7, 1.6325, 0.7775, 1.7125, 0.855], "ImageOrientationPatientDICOM": [1, 0, 0, 0, 0.99824, -0.0593064], "InPlanePhaseEncodingDirectionDICOM": "COL", "ConversionSoftware": "dcm2niix", "ConversionSoftwareVersion": "v1.0.20201102", "TaskName": "category"}