{
	"Modality": "MR",
	"MagneticFieldStrength": 3,
	"ImagingFrequency": 123.255,
	"Manufacturer": "Siemens",
	"ManufacturersModelName": "Prisma_fit",
	"InstitutionName": "NeuroSpin",
	"InstitutionalDepartmentName": "Department",
	"InstitutionAddress": "Street_N306_SACLAY_IdF_FR_91400",
	"DeviceSerialNumber": "67069",
	"StationName": "MRCTRIO",
	"BodyPartExamined": "BRAIN",
	"PatientPosition": "HFS",
	"ProcedureStepDescription": "Protocoles_BJA",
	"SoftwareVersions": "syngo_MR_E11",
	"MRAcquisitionType": "2D",
	"SeriesDescription": "epi2mm_MB3_TE30.4_TR1.81_Gnormal_Localizer",
	"ProtocolName": "epi2mm_MB3_TE30.4_TR1.81_Gnormal_Localizer",
	"ScanningSequence": "EP",
	"SequenceVariant": "SK_SP",
	"ScanOptions": "PFP_FS_EXT",
	"SequenceName": "epfid2d1_96",
	"ImageType": ["ORIGINAL", "PRIMARY", "M", "MB", "ND", "MOSAIC"],
	"SeriesNumber": 19,
	"AcquisitionTime": "16:30:14.502500",
	"AcquisitionNumber": 1,
	"ImageComments": "Unaliased_MB3_PE3_LB_SENSE1",
	"SliceThickness": 2,
	"SpacingBetweenSlices": 2,
	"SAR": 0.143827,
	"EchoTime": 0.0304,
	"RepetitionTime": 1.81,
	"FlipAngle": 71,
	"PartialFourier": 0.875,
	"BaseResolution": 96,
	"ShimSetting": [
		-650,
		2376,
		-649,
		589,
		52,
		7,
		105,
		-6	],
	"TxRefAmp": 255.204,
	"PhaseResolution": 1,
	"ReceiveCoilName": "HeadNeck_64",
	"ReceiveCoilActiveElements": "HC1-7",
	"PulseSequenceDetails": "%CustomerSeq%_cmrr_mbep2d_bold",
	"WipMemBlock": "7cc17587-441a-4af2-b357-3b64e7f39d81||Sequence: R016 ve11c/master r/34fb20f; Nov 20 2017 15:15:15 by eja",
	"ConsistencyInfo": "N4_VE11C_LATEST_20160120",
	"MultibandAccelerationFactor": 3,
	"PercentPhaseFOV": 100,
	"EchoTrainLength": 84,
	"PhaseEncodingSteps": 84,
	"AcquisitionMatrixPE": 96,
	"ReconMatrixPE": 96,
	"BandwidthPerPixelPhaseEncode": 15.319,
	"EffectiveEchoSpacing": 0.000679983,
	"DerivedVendorReportedEchoSpacing": 0.000679983,
	"TotalReadoutTime": 0.0645984,
	"PixelBandwidth": 1735,
	"DwellTime": 3e-06,
	"PhaseEncodingDirection": "j",
	"SliceTiming": [
		0,
		0.935,
		0.0775,
		1.0125,
		0.155,
		1.09,
		0.2325,
		1.1675,
		0.3125,
		1.245,
		0.39,
		1.3225,
		0.4675,
		1.4,
		0.545,
		1.4775,
		0.6225,
		1.5575,
		0.7,
		1.635,
		0.7775,
		1.7125,
		0.855,
		0,
		0.935,
		0.0775,
		1.0125,
		0.155,
		1.09,
		0.2325,
		1.1675,
		0.3125,
		1.245,
		0.39,
		1.3225,
		0.4675,
		1.4,
		0.545,
		1.4775,
		0.6225,
		1.5575,
		0.7,
		1.635,
		0.7775,
		1.7125,
		0.855,
		0,
		0.935,
		0.0775,
		1.0125,
		0.155,
		1.09,
		0.2325,
		1.1675,
		0.3125,
		1.245,
		0.39,
		1.3225,
		0.4675,
		1.4,
		0.545,
		1.4775,
		0.6225,
		1.5575,
		0.7,
		1.635,
		0.7775,
		1.7125,
		0.855	],
	"ImageOrientationPatientDICOM": [
		1,
		0,
		0,
		0,
		0.985408,
		-0.170209	],
	"InPlanePhaseEncodingDirectionDICOM": "COL",
	"ConversionSoftware": "dcm2niix",
	"ConversionSoftwareVersion": "v1.0.20190902", "TaskName": "category"
}
