{
	"Modality": "MR",
	"MagneticFieldStrength": 3,
	"ImagingFrequency": 123.254,
	"Manufacturer": "Siemens",
	"ManufacturersModelName": "Prisma_fit",
	"InstitutionName": "NeuroSpin",
	"InstitutionalDepartmentName": "Department",
	"InstitutionAddress": "Street_N306_SACLAY_IdF_FR_91400",
	"DeviceSerialNumber": "67069",
	"StationName": "MRCTRIO",
	"BodyPartExamined": "BRAIN",
	"PatientPosition": "HFS",
	"ProcedureStepDescription": "Protocoles_BJA",
	"SoftwareVersions": "syngo_MR_E11",
	"MRAcquisitionType": "2D",
	"SeriesDescription": "epi2mm_MB3_TE30.4_TR1.81_Gnormal_Localizer_SBRef",
	"ProtocolName": "epi2mm_MB3_TE30.4_TR1.81_Gnormal_Localizer",
	"ScanningSequence": "EP",
	"SequenceVariant": "SK_SP",
	"ScanOptions": "PFP_FS_EXT",
	"SequenceName": "epfid2d1_96",
	"ImageType": ["ORIGINAL", "PRIMARY", "M", "ND", "MOSAIC"],
	"SeriesNumber": 16,
	"AcquisitionTime": "16:29:52.412500",
	"AcquisitionNumber": 1,
	"ImageComments": "Single-band_reference_SENSE1",
	"SliceThickness": 2,
	"SpacingBetweenSlices": 2,
	"SAR": 0.11936,
	"EchoTime": 0.0304,
	"RepetitionTime": 1.81,
	"FlipAngle": 71,
	"PartialFourier": 0.875,
	"BaseResolution": 96,
	"ShimSetting": [
		-641,
		2379,
		-664,
		745,
		-10,
		-9,
		-13,
		-6	],
	"TxRefAmp": 241.057,
	"PhaseResolution": 1,
	"ReceiveCoilName": "HeadNeck_64",
	"ReceiveCoilActiveElements": "HC1-7",
	"PulseSequenceDetails": "%CustomerSeq%_cmrr_mbep2d_bold",
	"WipMemBlock": "3f3a23b6-0b91-421d-9478-cad8ee2684f0||Sequence: R016 ve11c/master r/34fb20f; Nov 20 2017 15:15:15 by eja",
	"ConsistencyInfo": "N4_VE11C_LATEST_20160120",
	"PercentPhaseFOV": 100,
	"EchoTrainLength": 84,
	"PhaseEncodingSteps": 84,
	"AcquisitionMatrixPE": 96,
	"ReconMatrixPE": 96,
	"BandwidthPerPixelPhaseEncode": 15.319,
	"EffectiveEchoSpacing": 0.000679983,
	"DerivedVendorReportedEchoSpacing": 0.000679983,
	"TotalReadoutTime": 0.0645984,
	"PixelBandwidth": 1735,
	"DwellTime": 3e-06,
	"PhaseEncodingDirection": "j",
	"SliceTiming": [
		0,
		0.0775,
		0.155,
		0.2325,
		0.31,
		0.39,
		0.4675,
		0.545,
		0.6225,
		0.7,
		0.7775,
		0.855,
		0.9325,
		1.0125,
		1.09,
		1.1675,
		1.245,
		1.3225,
		1.4,
		1.4775,
		1.555,
		1.635,
		1.7125,
		1.79,
		1.8675,
		1.945,
		2.0225,
		2.1,
		2.1775,
		2.2575,
		2.335,
		2.4125,
		2.49,
		2.5675,
		2.645,
		2.7225,
		2.8,
		2.88,
		2.9575,
		3.035,
		3.1125,
		3.19,
		3.2675,
		3.345,
		3.425,
		3.5025,
		3.58,
		3.6575,
		3.735,
		3.8125,
		3.89,
		3.9675,
		4.0475,
		4.125,
		4.2025,
		4.28,
		4.3575,
		4.435,
		4.5125,
		4.59,
		4.67,
		4.7475,
		4.825,
		4.9025,
		4.98,
		5.0575,
		5.135,
		5.2125,
		5.2925	],
	"ImageOrientationPatientDICOM": [
		1,
		0,
		0,
		0,
		0.985109,
		-0.171929	],
	"InPlanePhaseEncodingDirectionDICOM": "COL",
	"ConversionSoftware": "dcm2niix",
	"ConversionSoftwareVersion": "v1.0.20190902"
}
